PATH
  remote: .
  specs:
    tailwindcss-rails (2.0.26)
      railties (>= 6.0.0)

GEM
  remote: https://rubygems.org/
  specs:
    actionmailer (7.0.4.3)
      actionpack (= 7.0.4.3)
      actionview (= 7.0.4.3)
      activejob (= 7.0.4.3)
      activesupport (= 7.0.4.3)
      mail (~> 2.5, >= 2.5.4)
      net-imap
      net-pop
      net-smtp
      rails-dom-testing (~> 2.0)
    actionpack (7.0.4.3)
      actionview (= 7.0.4.3)
      activesupport (= 7.0.4.3)
      rack (~> 2.0, >= 2.2.0)
      rack-test (>= 0.6.3)
      rails-dom-testing (~> 2.0)
      rails-html-sanitizer (~> 1.0, >= 1.2.0)
    actionview (7.0.4.3)
      activesupport (= 7.0.4.3)
      builder (~> 3.1)
      erubi (~> 1.4)
      rails-dom-testing (~> 2.0)
      rails-html-sanitizer (~> 1.1, >= 1.2.0)
    activejob (7.0.4.3)
      activesupport (= 7.0.4.3)
      globalid (>= 0.3.6)
    activesupport (7.0.4.3)
      concurrent-ruby (~> 1.0, >= 1.0.2)
      i18n (>= 1.6, < 2)
      minitest (>= 5.1)
      tzinfo (~> 2.0)
    builder (3.2.4)
    concurrent-ruby (1.2.2)
    crass (1.0.6)
    date (3.3.3)
    debug (1.7.1)
    erubi (1.12.0)
    globalid (1.1.0)
      activesupport (>= 5.0)
    i18n (1.12.0)
      concurrent-ruby (~> 1.0)
    loofah (2.19.1)
      crass (~> 1.0.2)
      nokogiri (>= 1.5.9)
    mail (2.8.1)
      mini_mime (>= 0.1.1)
      net-imap
      net-pop
      net-smtp
    method_source (1.0.0)
    mini_mime (1.1.2)
    mini_portile2 (2.8.1)
    minitest (5.18.0)
    net-imap (0.3.4)
      date
      net-protocol
    net-pop (0.1.2)
      net-protocol
    net-protocol (0.2.1)
      timeout
    net-smtp (0.3.3)
      net-protocol
    nokogiri (1.14.2)
      mini_portile2 (~> 2.8.0)
      racc (~> 1.4)
    nokogiri (1.14.2-x86_64-darwin)
      racc (~> 1.4)
    nokogiri (1.14.2-x86_64-linux)
      racc (~> 1.4)
    racc (1.6.2)
    rack (2.2.6.4)
    rack-test (2.0.2)
      rack (>= 1.3)
    rails-dom-testing (2.0.3)
      activesupport (>= 4.2.0)
      nokogiri (>= 1.6)
    rails-html-sanitizer (1.5.0)
      loofah (~> 2.19, >= 2.19.1)
    railties (7.0.4.3)
      actionpack (= 7.0.4.3)
      activesupport (= 7.0.4.3)
      method_source
      rake (>= 12.2)
      thor (~> 1.0)
      zeitwerk (~> 2.5)
    rake (13.0.6)
    thor (1.2.1)
    timeout (0.3.2)
    tzinfo (2.0.6)
      concurrent-ruby (~> 1.0)
    zeitwerk (2.6.7)

PLATFORMS
  ruby
  x86_64-darwin
  x86_64-linux

DEPENDENCIES
  actionmailer (>= 6.0.0)
  debug (>= 1.0.0)
  tailwindcss-rails!

BUNDLED WITH
   2.4.7
